GIT
  remote: https://github.com/stripe/stripe-ruby
  revision: 97b3f397fc7b77900882b1db1487e1f9d95ca8e8
  specs:
    stripe (1.21.0)
      json (~> 1.8.1)
      rest-client (~> 1.4)

GEM
  remote: https://rubygems.org/
  specs:
    daemons (1.2.2)
    domain_name (0.5.24)
      unf (>= 0.0.5, < 1.0.0)
    eventmachine (1.0.7)
    foreman (0.78.0)
      thor (~> 0.19.1)
    http-cookie (1.0.2)
      domain_name (~> 0.5)
    json (1.8.2)
    mime-types (2.5)
    netrc (0.10.3)
    rack (1.6.0)
    rack-protection (1.5.3)
      rack
    rest-client (1.8.0)
      http-cookie (>= 1.0.2, < 2.0)
      mime-types (>= 1.16, < 3.0)
      netrc (~> 0.7)
    sinatra (1.4.6)
      rack (~> 1.4)
      rack-protection (~> 1.4)
      tilt (>= 1.3, < 3)
    thin (1.6.3)
      daemons (~> 1.0, >= 1.0.9)
      eventmachine (~> 1.0)
      rack (~> 1.0)
    thor (0.19.1)
    tilt (2.0.1)
    unf (0.1.4)
      unf_ext
    unf_ext (0.0.7.1)

PLATFORMS
  ruby

DEPENDENCIES
  foreman
  sinatra
  stripe!
  thin
